{
	"TaskName": "cvep",
	"Manufacturer": "Brain Products",
	"PowerLineFrequency": 50.0,
	"SamplingFrequency": 500.0,
	"SoftwareFilters": "n/a",
	"RecordingDuration": 288.998,
	"RecordingType": "continuous",
	"EEGReference": "FCz",
	"EEGGround": "FPz",
	"EEGPlacementScheme": "10-20 system",
	"EEGChannelCount": 32,
	"EOGChannelCount": 0,
	"ECGChannelCount": 0,
	"EMGChannelCount": 0,
	"TriggerChannelCount": 0,
	"ManufacturersModelName": "BrainProducts LiveAmp",
	"CapManufacturer": "BrainProducts",
	"CapManufacturersModelName": "Acticap",
	"SoftwareVersions": "n/a",
	"HardwareFilters": "n/a",
	"TaskDescription": "[visual attention] factorial design (code type \u00d7 amplitude depth) Trial duration: 2.2s.",
	"Instructions": "focus on four targets that were cued sequentially in a random order for 0.5 s, followed by a 2.2 s stimulation phase, before a 0.7 s inter-trial period",
	"InstitutionName": "Institut Sup\u00e9rieur de l'A\u00e9ronautique et de l'Espace (ISAE-SUPAERO)",
	"InstitutionAddress": "10 Av. Edouard Belin, Toulouse, 31400, France",
	"InstitutionalDepartmentName": "Human Factors and Neuroergonomics",
	"SubjectArtefactDescription": "Impedance kept below 25.0 kOhm",
	"DeviceSerialNumber": "n/a",
	"Description": "4-class code-VEP BCI dataset comparing burst c-VEP and m-sequence stimulation at two amplitude depths (100% and 40%) to optimize performance and user experience",
	"MISCChannelCount": 0
}